PATH
  remote: .
  specs:
    calabash-android (0.4.1)
      awesome_print
      cucumber
      json
      retriable
      rubyzip
      slowhandcuke

GEM
  remote: http://rubygems.org/
  specs:
    awesome_print (1.1.0)
    builder (3.1.4)
    cucumber (1.2.1)
      builder (>= 2.1.2)
      diff-lcs (>= 1.1.3)
      gherkin (~> 2.11.0)
      json (>= 1.4.6)
    diff-lcs (1.2.0)
    gherkin (2.11.5-x86-mingw32)
      json (>= 1.4.6)
    json (1.7.7)
    retriable (1.3.3)
    rubyzip (0.9.9)
    slowhandcuke (0.0.3)
      cucumber

PLATFORMS
  x86-mingw32

DEPENDENCIES
  calabash-android!
